GEM
  remote: https://rubygems.org/
  specs:
    capistrano (3.4.0)
      i18n
      rake (>= 10.0.0)
      sshkit (~> 1.3)
    capistrano-bundle (0.0.5)
      capistrano (>= 3.1)
    capistrano-composer (0.0.6)
      capistrano (>= 3.0.0.pre)
    capistrano-simpledeploy (0.1.14)
      capistrano (>= 3.1)
      capistrano-bundle
      capistrano-composer
      capistrano-simplegit
    capistrano-simplegit (0.1.3)
      capistrano (>= 3.1.0)
    colorize (0.7.7)
    i18n (0.7.0)
    net-scp (1.2.1)
      net-ssh (>= 2.6.5)
    net-ssh (3.0.1)
    rake (10.4.2)
    sshkit (1.7.1)
      colorize (>= 0.7.0)
      net-scp (>= 1.1.2)
      net-ssh (>= 2.8.0)

PLATFORMS
  ruby

DEPENDENCIES
  capistrano (~> 3.1)
  capistrano-simpledeploy

BUNDLED WITH
   1.10.6
